GEM
  remote: https://rubygems.org/
  specs:
    colorize (0.8.1)
    concurrent-ruby (1.1.10)
    i18n (1.12.0)
      concurrent-ruby (~> 1.0)
    terminal-table (1.8.0)
      unicode-display_width (~> 1.1, >= 1.1.1)
    unicode-display_width (1.8.0)

PLATFORMS
  x64-mingw-ucrt

DEPENDENCIES
  colorize (~> 0.8.1)
  i18n (~> 1.12)
  terminal-table (~> 1.8)

BUNDLED WITH
   2.3.13
